PATH
  remote: .
  specs:
    path-reporting (0.1.2)
      amplitude-api

GEM
  remote: https://rubygems.org/
  specs:
    amplitude-api (0.4.1)
      faraday (>= 1.0, < 3.0)
    ast (2.4.2)
    diff-lcs (1.5.0)
    faraday (2.2.0)
      faraday-net_http (~> 2.0)
      ruby2_keywords (>= 0.0.4)
    faraday-net_http (2.0.2)
    parallel (1.22.1)
    parser (3.1.1.0)
      ast (~> 2.4.1)
    rainbow (3.1.1)
    rake (13.0.6)
    regexp_parser (2.3.0)
    rexml (3.2.5)
    rspec (3.11.0)
      rspec-core (~> 3.11.0)
      rspec-expectations (~> 3.11.0)
      rspec-mocks (~> 3.11.0)
    rspec-core (3.11.0)
      rspec-support (~> 3.11.0)
    rspec-expectations (3.11.0)
      diff-lcs (>= 1.2.0, < 2.0)
      rspec-support (~> 3.11.0)
    rspec-mocks (3.11.1)
      diff-lcs (>= 1.2.0, < 2.0)
      rspec-support (~> 3.11.0)
    rspec-support (3.11.0)
    rubocop (1.26.1)
      parallel (~> 1.10)
      parser (>= 3.1.0.0)
      rainbow (>= 2.2.2, < 4.0)
      regexp_parser (>= 1.8, < 3.0)
      rexml
      rubocop-ast (>= 1.16.0, < 2.0)
      ruby-progressbar (~> 1.7)
      unicode-display_width (>= 1.4.0, < 3.0)
    rubocop-ast (1.17.0)
      parser (>= 3.1.1.0)
    rubocop-rake (0.6.0)
      rubocop (~> 1.0)
    rubocop-rspec (2.10.0)
      rubocop (~> 1.19)
    ruby-progressbar (1.11.0)
    ruby2_keywords (0.0.5)
    unicode-display_width (1.8.0)
    webrick (1.7.0)
    yard (0.9.27)
      webrick (~> 1.7.0)
    yard-rspec (0.1)
      yard

PLATFORMS
  arm64-darwin-21

DEPENDENCIES
  amplitude-api (~> 0.4.1)
  path-reporting!
  rake (~> 13.0)
  rspec (~> 3.0)
  rubocop (~> 1.21)
  rubocop-rake (~> 0.6.0)
  rubocop-rspec (~> 2.10)
  yard (~> 0.9.27)
  yard-rspec (~> 0.1)

BUNDLED WITH
   2.3.10
